GEM
  remote: https://rubygems.org/
  specs:
    awesome_print (1.8.0)
    dotenv (2.2.1)
    smarter_csv (1.1.4)

PLATFORMS
  ruby

DEPENDENCIES
  awesome_print
  dotenv (~> 2.2)
  smarter_csv (~> 1.1)

BUNDLED WITH
   1.14.3
