GEM
  remote: https://rubygems.org/
  specs:
    Ascii85 (1.0.2)
    afm (0.2.2)
    awesome_print (1.8.0)
    dotenv (2.2.1)
    hashery (2.1.2)
    pdf-reader (2.0.0)
      Ascii85 (~> 1.0.0)
      afm (~> 0.2.1)
      hashery (~> 2.0)
      ruby-rc4
      ttfunk
    ruby-rc4 (0.1.5)
    ttfunk (1.5.1)

PLATFORMS
  ruby

DEPENDENCIES
  awesome_print
  dotenv (~> 2.2)
  pdf-reader (~> 2.0)

BUNDLED WITH
   1.14.3
